GEM
  remote: https://rubygems.org/
  specs:
    backport (1.2.0)
    debug (1.9.1)
      irb (~> 1.10)
      reline (>= 0.3.8)
    io-console (0.7.1)
    irb (1.11.1)
      rdoc
      reline (>= 0.4.2)
    psych (5.1.2)
      stringio
    rdoc (6.6.2)
      psych (>= 4.0.0)
    readapt (1.4.4)
      backport (~> 1.2)
      thor (~> 1.0)
    reline (0.4.2)
      io-console (~> 0.5)
    stringio (3.1.0)
    thor (1.3.0)

PLATFORMS
  x86_64-linux

DEPENDENCIES
  debug
  readapt (~> 1.4)

BUNDLED WITH
   2.3.15
